PATH
  remote: .
  specs:
    scalablepress (0.0.1)
      rest-client

GEM
  remote: https://rubygems.org/
  specs:
    domain_name (0.5.23)
      unf (>= 0.0.5, < 1.0.0)
    http-cookie (1.0.2)
      domain_name (~> 0.5)
    mime-types (2.4.3)
    minitest (5.5.1)
    netrc (0.10.3)
    rake (10.4.2)
    rest-client (1.8.0)
      http-cookie (>= 1.0.2, < 2.0)
      mime-types (>= 1.16, < 3.0)
      netrc (~> 0.7)
    unf (0.1.4)
      unf_ext
    unf_ext (0.0.6)

PLATFORMS
  ruby

DEPENDENCIES
  bundler (~> 1.7)
  minitest
  rake (~> 10.0)
  scalablepress!
